GEM
  remote: https://rubygems.org/
  specs:
    CFPropertyList (2.3.6)
    facter (2.5.1)
      CFPropertyList (~> 2.2)
    fast_gettext (1.1.2)
    hiera (3.4.3)
    locale (2.1.2)
    multi_json (1.13.1)
    puppet (5.5.1)
      CFPropertyList (~> 2.2)
      facter (> 2.0.1, < 4)
      fast_gettext (~> 1.1.2)
      hiera (>= 3.2.1, < 4)
      locale (~> 2.1)
      multi_json (~> 1.10)

PLATFORMS
  ruby

DEPENDENCIES
  puppet (~> 5.0)

BUNDLED WITH
   1.13.7
